GEM
  remote: https://rubygems.org/
  specs:
    osc-ruby (1.1.1)
    sonic-pi-cli (0.1.0)
      osc-ruby

PLATFORMS
  ruby

DEPENDENCIES
  sonic-pi-cli (= 0.1.0)

BUNDLED WITH
   1.14.5
